GIT
  remote: https://github.com/zacstewart/lita-flip.git
  revision: 289bcfa870129a7cb4f6fc79effaa8123e15011c
  specs:
    lita-flip (1.0.2)
      lita

GEM
  remote: https://rubygems.org/
  specs:
    activesupport (4.2.11.1)
      i18n (~> 0.7)
      minitest (~> 5.1)
      thread_safe (~> 0.3, >= 0.3.4)
      tzinfo (~> 1.1)
    concurrent-ruby (1.1.5)
    eventmachine (1.2.7)
    faraday (0.15.4)
      multipart-post (>= 1.2, < 3)
    faye-websocket (0.10.9)
      eventmachine (>= 0.12.0)
      websocket-driver (>= 0.5.1)
    http_router (0.11.2)
      rack (>= 1.0.0)
      url_mount (~> 0.2.1)
    i18n (0.9.5)
      concurrent-ruby (~> 1.0)
    ice_nine (0.11.2)
    iso8601 (0.12.1)
    lita (4.7.0)
      bundler (>= 1.3)
      faraday (>= 0.8.7)
      http_router (>= 0.11.2)
      i18n (>= 0.6.9)
      ice_nine (>= 0.11.0)
      multi_json (>= 1.7.7)
      puma (>= 2.7.1)
      rack (>= 1.5.2)
      rb-readline (>= 0.5.1)
      redis-namespace (>= 1.3.0)
      thor (>= 0.18.1)
    lita-abuse (0.2.0)
      lita (>= 4.6)
    lita-catme (0.3.0)
      lita (~> 4.7)
    lita-compliment (0.2.0)
      lita (>= 4.6)
    lita-cowsay (0.2.0)
      lita (>= 4.4)
      ruby_cowsay
    lita-dice (0.0.1)
      lita (>= 2.7)
    lita-google-images (3.1.0)
      lita (>= 4.0)
    lita-hackersays (1.0.1)
      lita (>= 4.2)
    lita-latex (0.0.3)
      lita
    lita-slack (1.7.2)
      eventmachine
      faraday
      faye-websocket (>= 0.8.0)
      lita (>= 4.6.0)
      multi_json
    lita-timezone (0.1.0)
      activesupport (~> 4.2)
      lita (~> 4.6)
      tzinfo (~> 1.2)
    lita-youtube-me (0.0.6)
      iso8601 (>= 0.8.6)
      lita (>= 4.0)
    mini_portile2 (2.4.0)
    minitest (5.11.3)
    multi_json (1.13.1)
    multipart-post (2.1.1)
    nio4r (2.4.0)
    nokogiri (1.10.8)
      mini_portile2 (~> 2.4.0)
    puma (4.0.0)
      nio4r (~> 2.0)
    rack (2.1.4.2)
    rb-readline (0.5.5)
    redis (4.1.2)
    redis-namespace (1.6.0)
      redis (>= 3.0.4)
    ruby_cowsay (0.1.2)
    thor (0.20.3)
    thread_safe (0.3.6)
    tzinfo (1.2.5)
      thread_safe (~> 0.1)
    url_mount (0.2.1)
      rack
    websocket-driver (0.7.1)
      websocket-extensions (>= 0.1.0)
    websocket-extensions (0.1.5)

PLATFORMS
  ruby

DEPENDENCIES
  lita
  lita-abuse
  lita-catme
  lita-compliment
  lita-cowsay
  lita-dice
  lita-flip!
  lita-google-images
  lita-hackersays
  lita-latex
  lita-slack
  lita-timezone
  lita-youtube-me
  nokogiri (>= 1.8.5)
  rack (>= 1.6.11)

RUBY VERSION
   ruby 2.5.5p157

BUNDLED WITH
   1.17.3
